GEM
  remote: https://rubygems.org/
  specs:
    coffee-script (2.4.1)
      coffee-script-source
      execjs
    coffee-script-source (1.9.1.1)
    execjs (2.6.0)
    libv8 (3.16.14.11)
    rack (1.6.4)
    ref (2.0.0)
    sass (3.4.16)
    sprockets (3.3.1)
      rack (~> 1.0)
    therubyracer (0.12.2)
      libv8 (~> 3.16.14.0)
      ref

PLATFORMS
  ruby

DEPENDENCIES
  coffee-script
  sass
  sprockets
  therubyracer

BUNDLED WITH
   1.10.6
