GEM
  remote: https://rubygems.org/
  specs:
    rack (1.6.4)
    sprockets (3.3.1)
      rack (~> 1.0)

PLATFORMS
  ruby

DEPENDENCIES
  sprockets

BUNDLED WITH
   1.10.6
